GEM
  remote: http://rubygems.org/
  specs:
    diff-lcs (1.1.2)
    hoe (2.9.4)
      rake (>= 0.8.7)
    hoe-gemspec (1.0.0)
      hoe (>= 2.2.0)
    rake (0.8.7)
    rake-compiler (0.7.8)
      rake
    rspec (2.5.0)
      rspec-core (~> 2.5.0)
      rspec-expectations (~> 2.5.0)
      rspec-mocks (~> 2.5.0)
    rspec-core (2.5.1)
    rspec-expectations (2.5.0)
      diff-lcs (~> 1.1.2)
    rspec-mocks (2.5.0)

PLATFORMS
  ruby

DEPENDENCIES
  hoe
  hoe-gemspec
  rake-compiler
  rspec
